GEM
  remote: https://rubygems.org/
  specs:
    backports (3.6.7)
    coderay (1.1.0)
    hoe (3.14.2)
      rake (>= 0.8, < 11.0)
    method_source (0.8.2)
    nmatrix (0.2.0)
      packable (~> 1.3, >= 1.3.5)
    packable (1.3.6)
      backports
    pry (0.10.3)
      coderay (~> 1.1.0)
      method_source (~> 0.8.1)
      slop (~> 3.4)
    rake (10.4.2)
    rubystats (0.2.3)
      hoe (>= 1.7.0)
    slop (3.6.0)

PLATFORMS
  ruby

DEPENDENCIES
  nmatrix
  pry
  rubystats

BUNDLED WITH
   1.10.6
